GEM
  remote: https://rubygems.org/
  specs:
    pcaprub (0.12.4)

PLATFORMS
  ruby

DEPENDENCIES
  pcaprub

BUNDLED WITH
   1.10.6
